GEM
  remote: https://rubygems.org/
  specs:
    filmaffinity (1.1.0)
      imgur-api (~> 0)
      json (~> 1.8)
      nokogiri (~> 1.6)
    httparty (0.13.7)
      json (~> 1.8)
      multi_xml (>= 0.5.2)
    imgur-api (0.0.4)
      httparty
    json (1.8.3)
    mini_portile2 (2.0.0)
    multi_xml (0.5.5)
    nokogiri (1.6.7.2)
      mini_portile2 (~> 2.0.0.rc2)
    rack (1.6.4)
    rack-protection (1.5.3)
      rack
    sinatra (1.4.7)
      rack (~> 1.5)
      rack-protection (~> 1.4)
      tilt (>= 1.3, < 3)
    tilt (2.0.2)

PLATFORMS
  ruby

DEPENDENCIES
  filmaffinity (~> 1.1.0)
  sinatra

BUNDLED WITH
   1.11.2
